PATH
  remote: .
  specs:
    not_analytics_client (0.2.0)
      base64 (~> 0.2)
      json (~> 2.7)
      net-http (~> 0.4)
      openssl (~> 3.2)
      securerandom (~> 0.3)

GEM
  remote: https://rubygems.org/
  specs:
    base64 (0.2.0)
    json (2.7.2)
    net-http (0.4.1)
      uri
    openssl (3.2.0)
    rake (13.0.3)
    securerandom (0.3.1)
    uri (0.13.0)

PLATFORMS
  arm64-darwin-22
  x86_64-linux

DEPENDENCIES
  not_analytics_client!
  rake (~> 13.0)

BUNDLED WITH
   2.2.3
